PATH
  remote: .
  specs:
    imap_tickler (0.0.1)

GEM
  remote: http://rubygems.org/
  specs:
    chronic (0.3.0)
    delorean (0.2.1)
      chronic
    diff-lcs (1.1.2)
    rspec (2.5.0)
      rspec-core (~> 2.5.0)
      rspec-expectations (~> 2.5.0)
      rspec-mocks (~> 2.5.0)
    rspec-core (2.5.1)
    rspec-expectations (2.5.0)
      diff-lcs (~> 1.1.2)
    rspec-mocks (2.5.0)

PLATFORMS
  ruby

DEPENDENCIES
  delorean
  imap_tickler!
  rspec
